PATH
  remote: .
  specs:
    mimic_rails (0.1.0)
      rack

GEM
  remote: https://rubygems.org/
  specs:
    power_assert (1.1.1)
    rack (2.0.3)
    rack-test (0.8.2)
      rack (>= 1.0, < 3)
    rake (10.5.0)
    test-unit (3.2.7)
      power_assert

PLATFORMS
  ruby

DEPENDENCIES
  bundler (~> 1.16)
  mimic_rails!
  rack-test
  rake (~> 10.0)
  test-unit

BUNDLED WITH
   1.16.0
